GIT
  remote: https://github.com/jekyll/jekyll-feed.git
  revision: 4866d6db8bcddd6c8346f4c5eef2ed892be618f5
  specs:
    jekyll-feed (0.13.0)
      jekyll (>= 3.7, < 5.0)

GIT
  remote: https://github.com/jekyll/jekyll-seo-tag.git
  revision: 38ef0bea229de85f25b5735c432587c09b494398
  specs:
    jekyll-seo-tag (2.6.1)
      jekyll (>= 3.3, < 5.0)

GIT
  remote: https://github.com/jekyll/jekyll-sitemap.git
  revision: 01d817851f70b7ade68ebb0321ce6219e8ac80bf
  specs:
    jekyll-sitemap (1.4.0)
      jekyll (>= 3.7, < 5.0)

GIT
  remote: https://github.com/jekyll/jekyll.git
  revision: 2ef3281bad0b03dfa29ffd9498d5c8ce7df33203
  specs:
    jekyll (4.0.0)
      addressable (~> 2.4)
      colorator (~> 1.0)
      em-websocket (~> 0.5)
      i18n (~> 1.0)
      jekyll-sass-converter (~> 2.0)
      jekyll-watch (~> 2.0)
      kramdown (~> 2.1)
      kramdown-parser-gfm (~> 1.0)
      liquid (~> 4.0)
      mercenary (~> 0.4.0)
      pathutil (~> 0.9)
      rouge (~> 3.0)
      safe_yaml (~> 1.0)
      terminal-table (~> 1.8)

GEM
  remote: https://rubygems.org/
  specs:
    addressable (2.7.0)
      public_suffix (>= 2.0.2, < 5.0)
    colorator (1.1.0)
    concurrent-ruby (1.1.6)
    em-websocket (0.5.1)
      eventmachine (>= 0.12.9)
      http_parser.rb (~> 0.6.0)
    eventmachine (1.2.7)
    eventmachine (1.2.7-x64-mingw32)
    ffi (1.12.2)
    ffi (1.12.2-x64-mingw32)
    forwardable-extended (2.6.0)
    http_parser.rb (0.6.0)
    i18n (1.8.2)
      concurrent-ruby (~> 1.0)
    jekyll-sass-converter (2.1.0)
      sassc (> 2.0.1, < 3.0)
    jekyll-watch (2.2.1)
      listen (~> 3.0)
    kramdown (2.3.0)
      rexml
    kramdown-parser-gfm (1.1.0)
      kramdown (~> 2.0)
    liquid (4.0.3)
    listen (3.2.1)
      rb-fsevent (~> 0.10, >= 0.10.3)
      rb-inotify (~> 0.9, >= 0.9.10)
    mercenary (0.4.0)
    pathutil (0.16.2)
      forwardable-extended (~> 2.6)
    public_suffix (4.0.3)
    rb-fsevent (0.10.3)
    rb-inotify (0.10.1)
      ffi (~> 1.0)
    rexml (3.2.4)
    rouge (3.17.0)
    safe_yaml (1.0.5)
    sassc (2.2.1)
      ffi (~> 1.9)
    sassc (2.2.1-x64-mingw32)
      ffi (~> 1.9)
    terminal-table (1.8.0)
      unicode-display_width (~> 1.1, >= 1.1.1)
    tzinfo (2.0.1)
      concurrent-ruby (~> 1.0)
    tzinfo-data (1.2019.3)
      tzinfo (>= 1.0.0)
    unicode-display_width (1.7.0)

PLATFORMS
  ruby
  x64-mingw32

DEPENDENCIES
  jekyll!
  jekyll-feed!
  jekyll-seo-tag!
  jekyll-sitemap!
  tzinfo
  tzinfo-data

BUNDLED WITH
   2.1.4
